PATH
  remote: .
  specs:
    laudllm (0.1.0)
      beckett
      chroma-db
      composable_operations
      dotenv
      dry-monads
      drydock
      engtagger
      google_palm_api
      highline
      json
      jsonl
      kramdown
      langchainrb
      lemmatizer
      llm_memory
      logging
      mimemagic
      nokogiri
      ohm
      ohm-contrib
      open-uri
      open3
      open4
      optimist
      osc-ruby
      parallel
      pdf-reader
      pdf_paradise
      pgvector
      polars
      polars-df
      poppler
      pragmatic_segmenter
      pragmatic_tokenizer
      redcarpet
      redic
      redis
      ruby-openai
      ruby-spacy
      safe_ruby
      sequel
      solargraph
      summarize
      syntax_tree
      tomoto
      tty-config
      tty-prompt
      typecheck
      vega
      verbal_expressions
      wordnet
      wordnet-defaultdb

GEM
  remote: https://rubygems.org/
  specs:
    Ascii85 (1.1.0)
    addressable (2.8.5)
      public_suffix (>= 2.0.2, < 6.0)
    afm (0.2.2)
    ast (2.4.2)
    awesome_spawn (1.6.0)
    backport (1.2.0)
    baran (0.1.10)
    base64 (0.2.0)
    beckett (0.1.0)
      kramdown
    benchmark (0.3.0)
    bigdecimal (3.1.4)
    binding_of_caller (1.0.0)
      debug_inspector (>= 0.0.1)
    cairo (1.17.12)
      native-package-installer (>= 1.0.3)
      pkg-config (>= 1.2.2)
      red-colors
    cairo-gobject (4.2.0)
      cairo (>= 1.16.2)
      glib2 (= 4.2.0)
    childprocess (4.1.0)
    chroma-db (0.6.0)
      dry-monads (~> 1.6)
      ruby-next (>= 0.15.0)
    cliner (1.0.33)
    coderay (1.1.3)
    colorize (0.8.1)
    colours (0.9.6)
    composable_operations (0.10.1)
      smart_properties (~> 1.10)
    concurrent-ruby (1.2.2)
    connection_pool (2.4.1)
    date (3.3.4)
    debug_inspector (1.1.0)
    diff-lcs (1.5.0)
    dotenv (2.8.1)
    dry-core (1.0.1)
      concurrent-ruby (~> 1.0)
      zeitwerk (~> 2.6)
    dry-monads (1.6.0)
      concurrent-ruby (~> 1.0)
      dry-core (~> 1.0, < 2)
      zeitwerk (~> 2.6)
    drydock (0.6.9)
    e2mmap (0.1.0)
    engtagger (0.4.0)
      lru_redux
    event_stream_parser (1.0.0)
    faraday (2.7.12)
      base64
      faraday-net_http (>= 2.0, < 3.1)
      ruby2_keywords (>= 0.0.4)
    faraday-multipart (1.0.4)
      multipart-post (~> 2)
    faraday-net_http (3.0.2)
    fiddle (1.1.2)
    gio2 (4.2.0)
      fiddle
      gobject-introspection (= 4.2.0)
    glib2 (4.2.0)
      native-package-installer (>= 1.0.3)
      pkg-config (>= 1.3.5)
    gobject-introspection (4.2.0)
      glib2 (= 4.2.0)
    google_palm_api (0.1.3)
      faraday (>= 2.0.1, < 3.0)
    hashery (2.1.2)
    highline (2.1.0)
    hiredis (0.6.3)
    jaro_winkler (1.5.6)
    json (2.7.1)
    json-schema (4.0.0)
      addressable (>= 2.8)
    jsonl (0.1.5)
    kramdown (2.4.0)
      rexml
    kramdown-parser-gfm (1.1.0)
      kramdown (~> 2.0)
    langchainrb (0.8.0)
      baran (~> 0.1.9)
      colorize (~> 0.8.1)
      json-schema (~> 4.0.0)
      matrix
      pragmatic_segmenter (~> 0.3.0)
      tiktoken_ruby (~> 0.0.5)
      to_bool (~> 2.0.0)
      zeitwerk (~> 2.5)
    language_server-protocol (3.17.0.3)
    lemmatizer (0.2.2)
    little-plugger (1.1.4)
    llm_memory (0.1.1)
    loggability (0.18.2)
    logging (2.3.1)
      little-plugger (~> 1.1)
      multi_json (~> 1.14)
    lru_redux (1.1.0)
    matrix (0.4.2)
    method_source (1.0.0)
    mimemagic (0.4.3)
      nokogiri (~> 1)
      rake
    multi_json (1.15.0)
    multipart-post (2.3.0)
    native-package-installer (1.1.8)
    nest (3.2.0)
      redic
    nokogiri (1.15.5-x86_64-linux)
      racc (~> 1.4)
    numpy (0.4.0)
      pycall (>= 1.2.0.beta1)
    ohm (3.1.1)
      nest (~> 3)
      redic (~> 1.5.0)
      stal
    ohm-contrib (3.0.0)
      ohm (~> 3.0)
    open-uri (0.4.0)
      stringio
      time
      uri
    open3 (0.2.0)
    open4 (1.3.4)
    opn (1.0.59)
    optimist (3.1.0)
    osc-ruby (1.1.4)
    parallel (1.23.0)
    parser (3.2.2.4)
      ast (~> 2.4.1)
      racc
    pastel (0.8.0)
      tty-color (~> 0.5)
    pdf-reader (2.11.0)
      Ascii85 (~> 1.0)
      afm (~> 0.2.1)
      hashery (~> 2.0)
      ruby-rc4
      ttfunk
    pdf_paradise (0.3.11)
      cliner
      colours
      opn
      save_file
    pg (1.5.4)
    pgvector (0.2.2)
    pkg-config (1.5.6)
    polars (0.1.16)
      awesome_spawn (~> 1.5)
    polars-df (0.7.0-x86_64-linux)
    poppler (4.2.0)
      cairo-gobject (= 4.2.0)
      gio2 (= 4.2.0)
    pragmatic_segmenter (0.3.23)
      unicode
    pragmatic_tokenizer (3.2.0)
      unicode
    prettier_print (1.2.1)
    pry (0.14.2)
      coderay (~> 1.1)
      method_source (~> 1.0)
    pry-doc (1.4.0)
      pry (~> 0.11)
      yard (~> 0.9.11)
    pry-stack_explorer (0.6.1)
      binding_of_caller (~> 1.0)
      pry (~> 0.13)
    public_suffix (5.0.4)
    pycall (1.5.1)
    racc (1.7.3)
    rainbow (3.1.1)
    rake (13.1.0)
    rake-compiler (1.2.5)
      rake
    rb_sys (0.9.83)
    rbs (2.8.4)
    red-colors (0.3.0)
      matrix
    redcarpet (3.6.0)
    redic (1.5.3)
      hiredis
    redis (5.0.8)
      redis-client (>= 0.17.0)
    redis-client (0.18.0)
      connection_pool
    regexp_parser (2.8.3)
    reverse_markdown (2.1.1)
      nokogiri
    rexml (3.2.6)
    rspec (3.12.0)
      rspec-core (~> 3.12.0)
      rspec-expectations (~> 3.12.0)
      rspec-mocks (~> 3.12.0)
    rspec-core (3.12.2)
      rspec-support (~> 3.12.0)
    rspec-expectations (3.12.3)
      diff-lcs (>= 1.2.0, < 2.0)
      rspec-support (~> 3.12.0)
    rspec-mocks (3.12.6)
      diff-lcs (>= 1.2.0, < 2.0)
      rspec-support (~> 3.12.0)
    rspec-support (3.12.1)
    rubocop (1.58.0)
      json (~> 2.3)
      language_server-protocol (>= 3.17.0)
      parallel (~> 1.10)
      parser (>= 3.2.2.4)
      rainbow (>= 2.2.2, < 4.0)
      regexp_parser (>= 1.8, < 3.0)
      rexml (>= 3.2.5, < 4.0)
      rubocop-ast (>= 1.30.0, < 2.0)
      ruby-progressbar (~> 1.7)
      unicode-display_width (>= 2.4.0, < 3.0)
    rubocop-ast (1.30.0)
      parser (>= 3.2.1.0)
    ruby-next (0.15.3)
      ruby-next-core (= 0.15.3)
      ruby-next-parser (>= 3.1.1.0)
      unparser (~> 0.6.0)
    ruby-next-core (0.15.3)
    ruby-next-parser (3.2.2.0)
      parser (>= 3.0.3.1)
    ruby-openai (6.3.1)
      event_stream_parser (>= 0.3.0, < 2.0.0)
      faraday (>= 1)
      faraday-multipart (>= 1)
    ruby-progressbar (1.13.0)
    ruby-rc4 (0.1.5)
    ruby-spacy (0.2.2)
      numpy (~> 0.4.0)
      pycall (~> 1.5.1)
      ruby-openai
      terminal-table (~> 3.0.1)
    ruby2_keywords (0.0.5)
    safe_ruby (1.0.4)
      childprocess (>= 0.3.9)
    save_file (1.0.34)
    sequel (5.75.0)
      bigdecimal
    smart_properties (1.17.0)
    solargraph (0.49.0)
      backport (~> 1.2)
      benchmark
      bundler (~> 2.0)
      diff-lcs (~> 1.4)
      e2mmap
      jaro_winkler (~> 1.5)
      kramdown (~> 2.3)
      kramdown-parser-gfm (~> 1.1)
      parser (~> 3.0)
      rbs (~> 2.0)
      reverse_markdown (~> 2.0)
      rubocop (~> 1.38)
      thor (~> 1.0)
      tilt (~> 2.0)
      yard (~> 0.9, >= 0.9.24)
    sqlite3 (1.6.9-x86_64-linux)
    stal (0.3.0)
      redic (~> 1.5)
    stringio (3.1.0)
    summarize (1.0.3)
      rake-compiler
    syntax_tree (6.2.0)
      prettier_print (>= 1.2.0)
    terminal-table (3.0.2)
      unicode-display_width (>= 1.1.1, < 3)
    thor (1.3.0)
    tiktoken_ruby (0.0.6-x86_64-linux)
    tilt (2.3.0)
    time (0.3.0)
      date
    to_bool (2.0.0)
    tomoto (0.3.3-x86_64-linux)
    ttfunk (1.7.0)
    tty-color (0.6.0)
    tty-config (0.6.0)
    tty-cursor (0.7.1)
    tty-prompt (0.23.1)
      pastel (~> 0.8)
      tty-reader (~> 0.8)
    tty-reader (0.9.0)
      tty-cursor (~> 0.7)
      tty-screen (~> 0.8)
      wisper (~> 2.0)
    tty-screen (0.8.1)
    typecheck (0.1.2)
    unicode (0.4.4.4)
    unicode-display_width (2.5.0)
    unparser (0.6.10)
      diff-lcs (~> 1.3)
      parser (>= 3.2.2.4)
    uri (0.13.0)
    vega (0.3.1)
    verbal_expressions (0.1.5)
    wisper (2.0.1)
    wordnet (1.2.0)
      loggability (~> 0.18)
      pg (~> 1.4)
      sequel (~> 5.64)
      sqlite3 (~> 1.5)
    wordnet-defaultdb (2.0.1)
      sqlite3 (~> 1.3)
      wordnet (~> 1.1)
    yard (0.9.34)
    zeitwerk (2.6.12)

PLATFORMS
  x86_64-linux

DEPENDENCIES
  bundler
  laudllm!
  pry
  pry-doc
  pry-stack_explorer
  rake (~> 13.0)
  rb_sys
  rspec
  rubocop (~> 1.21)
  solargraph

BUNDLED WITH
   2.4.22
