GEM
  remote: https://rubygems.org/
  specs:
    Ascii85 (1.1.0)
    addressable (2.8.6)
      public_suffix (>= 2.0.2, < 6.0)
    afm (0.2.2)
    ast (2.4.2)
    awesome_spawn (1.6.0)
    backport (1.2.0)
    baran (0.1.10)
    beckett (0.1.0)
      kramdown
    benchmark (0.3.0)
    bigdecimal (3.1.6)
    binding_of_caller (1.0.0)
      debug_inspector (>= 0.0.1)
    cairo (1.17.13)
      native-package-installer (>= 1.0.3)
      pkg-config (>= 1.2.2)
      red-colors
    cairo-gobject (4.2.0)
      cairo (>= 1.16.2)
      glib2 (= 4.2.0)
    childprocess (5.0.0)
    chroma-db (0.6.0)
      dry-monads (~> 1.6)
      ruby-next (>= 0.15.0)
    cliner (1.0.33)
    cmdparse (3.0.7)
    coderay (1.1.3)
    cohere (1.0.0)
      httparty (= 0.20.0)
    cohere-ruby (0.9.7)
      faraday (>= 2.0.1, < 3.0)
    colorize (0.8.1)
    colours (0.9.8)
    composable_operations (0.10.1)
      smart_properties (~> 1.10)
    concurrent-ruby (1.2.3)
    connection_pool (2.4.1)
    date (3.3.4)
    debug_inspector (1.2.0)
    diff-lcs (1.5.0)
    dotenv (2.8.1)
    dry-core (1.0.1)
      concurrent-ruby (~> 1.0)
      zeitwerk (~> 2.6)
    dry-initializer (3.1.1)
    dry-monads (1.6.0)
      concurrent-ruby (~> 1.0)
      dry-core (~> 1.0, < 2)
      zeitwerk (~> 2.6)
    drydock (0.6.9)
    e2mmap (0.1.0)
    engtagger (0.4.0)
      lru_redux
    event_stream_parser (1.0.0)
    faraday (2.9.0)
      faraday-net_http (>= 2.0, < 3.2)
    faraday-multipart (1.0.4)
      multipart-post (~> 2)
    faraday-net_http (3.1.0)
      net-http
    fiddle (1.1.2)
    geom2d (0.4.1)
    gio2 (4.2.0)
      fiddle
      gobject-introspection (= 4.2.0)
    glib2 (4.2.0)
      native-package-installer (>= 1.0.3)
      pkg-config (>= 1.3.5)
    gobject-introspection (4.2.0)
      glib2 (= 4.2.0)
    google_palm_api (0.1.3)
      faraday (>= 2.0.1, < 3.0)
    hashery (2.1.2)
    hashie (5.0.0)
    hexapdf (0.37.0)
      cmdparse (~> 3.0, >= 3.0.3)
      geom2d (~> 0.4, >= 0.4.1)
      openssl (>= 2.2.1)
    highline (3.0.1)
    hiredis (0.6.3)
    httparty (0.20.0)
      mime-types (~> 3.0)
      multi_xml (>= 0.5.2)
    jaro_winkler (1.5.6)
    json (2.7.1)
    json-schema (4.0.0)
      addressable (>= 2.8)
    jsonl (0.1.5)
    kramdown (2.4.0)
      rexml
    kramdown-parser-gfm (1.1.0)
      kramdown (~> 2.0)
    langchainrb (0.9.0)
      baran (~> 0.1.9)
      colorize (~> 0.8.1)
      json-schema (~> 4.0.0)
      matrix
      pragmatic_segmenter (~> 0.3.0)
      tiktoken_ruby (~> 0.0.5)
      to_bool (~> 2.0.0)
      zeitwerk (~> 2.5)
    language_server-protocol (3.17.0.3)
    lemmatizer (0.2.2)
    little-plugger (1.1.4)
    llm_memory (0.1.1)
    loggability (0.18.2)
    logging (2.3.1)
      little-plugger (~> 1.1)
      multi_json (~> 1.14)
    lru_redux (1.1.0)
    matrix (0.4.2)
    method_source (1.0.0)
    mime-types (3.5.2)
      mime-types-data (~> 3.2015)
    mime-types-data (3.2023.1205)
    mimemagic (0.4.3)
      nokogiri (~> 1)
      rake
    multi_json (1.15.0)
    multi_xml (0.6.0)
    multipart-post (2.3.0)
    native-package-installer (1.1.9)
    nest (3.2.0)
      redic
    net-http (0.4.1)
      uri
    networkx (0.4.0)
      matrix (~> 0.4)
      rb_heap (~> 1.0)
    nokogiri (1.16.0-aarch64-linux)
      racc (~> 1.4)
    nokogiri (1.16.0-arm64-darwin)
      racc (~> 1.4)
    nokogiri (1.16.0-x86_64-darwin)
      racc (~> 1.4)
    nokogiri (1.16.0-x86_64-linux)
      racc (~> 1.4)
    numpy (0.4.0)
      pycall (>= 1.2.0.beta1)
    ohm (3.1.1)
      nest (~> 3)
      redic (~> 1.5.0)
      stal
    ohm-contrib (3.0.0)
      ohm (~> 3.0)
    ollama-ai (1.0.1)
      faraday (~> 2.9)
    open-uri (0.4.1)
      stringio
      time
      uri
    open3 (0.2.1)
    open4 (1.3.4)
    openssl (3.2.0)
    opn (1.0.59)
    optimist (3.1.0)
    osc-ruby (1.1.4)
    paco (0.2.3)
    parallel (1.24.0)
    parser (3.3.0.5)
      ast (~> 2.4.1)
      racc
    pastel (0.8.0)
      tty-color (~> 0.5)
    pdf-reader (2.12.0)
      Ascii85 (~> 1.0)
      afm (~> 0.2.1)
      hashery (~> 2.0)
      ruby-rc4
      ttfunk
    pdf_paradise (0.3.14)
      cliner
      colours
      opn
      save_file
    pg (1.5.4)
    pgvector (0.2.2)
    pkg-config (1.5.6)
    polars (0.1.16)
      awesome_spawn (~> 1.5)
    polars-df (0.8.0-aarch64-linux)
    polars-df (0.8.0-arm64-darwin)
    polars-df (0.8.0-x86_64-darwin)
    polars-df (0.8.0-x86_64-linux)
    poppler (4.2.0)
      cairo-gobject (= 4.2.0)
      gio2 (= 4.2.0)
    pragmatic_segmenter (0.3.23)
      unicode
    pragmatic_tokenizer (3.2.0)
      unicode
    prettier_print (1.2.1)
    prism (0.19.0)
    pry (0.14.2)
      coderay (~> 1.1)
      method_source (~> 1.0)
    pry-doc (1.5.0)
      pry (~> 0.11)
      yard (~> 0.9.11)
    pry-stack_explorer (0.6.1)
      binding_of_caller (~> 1.0)
      pry (~> 0.13)
    public_suffix (5.0.4)
    pycall (1.5.1)
    racc (1.7.3)
    rainbow (3.1.1)
    rake (13.1.0)
    rake-compiler (1.2.7)
      rake
    rb_heap (1.1.0)
    rb_sys (0.9.87)
    rbs (2.8.4)
    red-colors (0.3.0)
      matrix
    redcarpet (3.6.0)
    redic (1.5.3)
      hiredis
    redis (5.0.8)
      redis-client (>= 0.17.0)
    redis-client (0.19.1)
      connection_pool
    regexp_parser (2.9.0)
    require-hooks (0.2.2)
    reverse_markdown (2.1.1)
      nokogiri
    rexml (3.2.6)
    rspec (3.12.0)
      rspec-core (~> 3.12.0)
      rspec-expectations (~> 3.12.0)
      rspec-mocks (~> 3.12.0)
    rspec-core (3.12.2)
      rspec-support (~> 3.12.0)
    rspec-expectations (3.12.3)
      diff-lcs (>= 1.2.0, < 2.0)
      rspec-support (~> 3.12.0)
    rspec-mocks (3.12.6)
      diff-lcs (>= 1.2.0, < 2.0)
      rspec-support (~> 3.12.0)
    rspec-support (3.12.1)
    rubocop (1.60.2)
      json (~> 2.3)
      language_server-protocol (>= 3.17.0)
      parallel (~> 1.10)
      parser (>= 3.3.0.2)
      rainbow (>= 2.2.2, < 4.0)
      regexp_parser (>= 1.8, < 3.0)
      rexml (>= 3.2.5, < 4.0)
      rubocop-ast (>= 1.30.0, < 2.0)
      ruby-progressbar (~> 1.7)
      unicode-display_width (>= 2.4.0, < 3.0)
    rubocop-ast (1.30.0)
      parser (>= 3.2.1.0)
    ruby-lsp (0.13.4)
      language_server-protocol (~> 3.17.0)
      prism (>= 0.19.0, < 0.20)
      sorbet-runtime (>= 0.5.10782)
    ruby-next (1.0.1)
      paco (~> 0.2)
      require-hooks (~> 0.2)
      ruby-next-core (= 1.0.1)
      ruby-next-parser (>= 3.2.2.0)
      unparser (~> 0.6.0)
    ruby-next-core (1.0.1)
    ruby-next-parser (3.2.2.0)
      parser (>= 3.0.3.1)
    ruby-openai (6.3.1)
      event_stream_parser (>= 0.3.0, < 2.0.0)
      faraday (>= 1)
      faraday-multipart (>= 1)
    ruby-progressbar (1.13.0)
    ruby-rc4 (0.1.5)
    ruby-spacy (0.2.2)
      numpy (~> 0.4.0)
      pycall (~> 1.5.1)
      ruby-openai
      terminal-table (~> 3.0.1)
    safe_ruby (1.0.4)
      childprocess (>= 0.3.9)
    save_file (1.0.35)
    sequel (5.76.0)
      bigdecimal
    smart_properties (1.17.0)
    solargraph (0.50.0)
      backport (~> 1.2)
      benchmark
      bundler (~> 2.0)
      diff-lcs (~> 1.4)
      e2mmap
      jaro_winkler (~> 1.5)
      kramdown (~> 2.3)
      kramdown-parser-gfm (~> 1.1)
      parser (~> 3.0)
      rbs (~> 2.0)
      reverse_markdown (~> 2.0)
      rubocop (~> 1.38)
      thor (~> 1.0)
      tilt (~> 2.0)
      yard (~> 0.9, >= 0.9.24)
    sorbet-runtime (0.5.11222)
    sqlite3 (1.7.2-aarch64-linux)
    sqlite3 (1.7.2-arm64-darwin)
    sqlite3 (1.7.2-x86_64-darwin)
    sqlite3 (1.7.2-x86_64-linux)
    stal (0.3.0)
      redic (~> 1.5)
    stream_lines (0.4.1)
      httparty (~> 0.14)
    stringio (3.1.0)
    summarize (1.0.3)
      rake-compiler
    syntax_tree (6.2.0)
      prettier_print (>= 1.2.0)
    terminal-table (3.0.2)
      unicode-display_width (>= 1.1.1, < 3)
    thor (1.3.0)
    tiktoken_ruby (0.0.6-aarch64-linux)
    tiktoken_ruby (0.0.6-arm64-darwin)
    tiktoken_ruby (0.0.6-x86_64-darwin)
    tiktoken_ruby (0.0.6-x86_64-linux)
    tiktoken_ruby (0.0.6-x86_64-linux-musl)
    tilt (2.3.0)
    time (0.3.0)
      date
    to_bool (2.0.0)
    tomoto (0.4.0-aarch64-linux)
    tomoto (0.4.0-arm64-darwin)
    tomoto (0.4.0-x86_64-darwin)
    tomoto (0.4.0-x86_64-linux)
    ttfunk (1.7.0)
    tty-color (0.6.0)
    tty-config (0.6.0)
    tty-cursor (0.7.1)
    tty-prompt (0.23.1)
      pastel (~> 0.8)
      tty-reader (~> 0.8)
    tty-reader (0.9.0)
      tty-cursor (~> 0.7)
      tty-screen (~> 0.8)
      wisper (~> 2.0)
    tty-screen (0.8.2)
    typecheck (0.1.2)
    unicode (0.4.4.4)
    unicode-display_width (2.5.0)
    unparser (0.6.12)
      diff-lcs (~> 1.3)
      parser (>= 3.2.2.4)
    uri (0.13.0)
    vega (0.3.1)
    verbal_expressions (0.1.5)
    wisper (2.0.1)
    wordnet (1.2.0)
      loggability (~> 0.18)
      pg (~> 1.4)
      sequel (~> 5.64)
      sqlite3 (~> 1.5)
    wordnet-defaultdb (2.0.1)
      sqlite3 (~> 1.3)
      wordnet (~> 1.1)
    yajl-ruby (1.4.3)
    yard (0.9.34)
    zeitwerk (2.6.12)

PLATFORMS
  aarch64-linux
  arm64-darwin
  x86_64-darwin
  x86_64-linux
  x86_64-linux-musl

DEPENDENCIES
  beckett
  bundler
  chroma-db
  cohere
  cohere-ruby
  composable_operations
  dotenv
  dry-initializer
  dry-monads
  drydock
  engtagger
  google_palm_api
  hashie
  hexapdf
  highline
  httparty
  json
  jsonl
  kramdown
  langchainrb
  lemmatizer
  llm_memory
  logging
  mimemagic
  networkx
  nokogiri
  ohm
  ohm-contrib
  ollama-ai
  open-uri
  open3
  open4
  optimist
  osc-ruby
  parallel
  pdf-reader
  pdf_paradise
  pgvector
  polars
  polars-df
  poppler
  pragmatic_segmenter
  pragmatic_tokenizer
  pry
  pry-doc
  pry-stack_explorer
  rake (~> 13.0)
  rb_sys
  redcarpet
  redic
  redis
  rspec
  rubocop
  ruby-lsp
  ruby-openai
  ruby-spacy
  safe_ruby
  sequel
  solargraph
  stream_lines
  summarize
  syntax_tree
  tomoto
  tty-config
  tty-prompt
  typecheck
  vega
  verbal_expressions
  wordnet
  wordnet-defaultdb
  yajl-ruby

BUNDLED WITH
   2.5.3
